GEM
  remote: https://rubygems.org/
  specs:
    benchmark-ips (2.7.2)
    concurrent-ruby (1.0.5)
    dry-core (0.4.6)
      concurrent-ruby (~> 1.0)
    dry-equalizer (0.2.1)
    dry-monads (0.4.0)
      dry-core (~> 0.3, >= 0.3.3)
      dry-equalizer

PLATFORMS
  ruby

DEPENDENCIES
  benchmark-ips
  dry-monads

BUNDLED WITH
   1.16.1
